GIT
  remote: git://github.com/flipstone/flipstone-deployment.git
  revision: 1f75e3084f980cbddc4ab51906f51cc7bfee73b1
  branch: 1f75e3084f980cbddc4ab51906f51cc7bfee73b1
  specs:
    flipstone-deployment (0.0.1)

GEM
  remote: http://rubygems.org/
  specs:
    capistrano (2.5.19)
      highline
      net-scp (>= 1.0.0)
      net-sftp (>= 2.0.0)
      net-ssh (>= 2.0.14)
      net-ssh-gateway (>= 1.0.0)
    crack (0.1.4)
    hashie (0.1.3)
    highline (1.6.1)
    httparty (0.4.5)
      crack (>= 0.1.1)
    kgio (1.3.1)
    mocha (0.9.10)
      rake
    net-scp (1.0.4)
      net-ssh (>= 1.99.1)
    net-sftp (2.0.5)
      net-ssh (>= 2.0.9)
    net-ssh (2.0.23)
    net-ssh-gateway (1.0.1)
      net-ssh (>= 1.99.1)
    oauth (0.4.4)
    rack (1.0.1)
    rake (0.8.7)
    unicorn (2.0.0)
      kgio (~> 1.3.1)
      rack
    xml-simple (1.0.12)

PLATFORMS
  ruby

DEPENDENCIES
  capistrano (~> 2.5)
  flipstone-deployment!
  hashie (= 0.1.3)
  httparty
  mocha
  oauth
  rack (= 1.0.1)
  rake (= 0.8.7)
  unicorn (= 2.0.0)
  xml-simple
