GIT
  remote: git://github.com/flipstone/flipstone-deployment.git
  revision: 39b50daf1e109e5b304d8ba2e764952fa37c1f83
  branch: 39b50da
  specs:
    flipstone-deployment (0.0.1)

GEM
  remote: http://rubygems.org/
  specs:
    activesupport (3.0.9)
    capistrano (2.5.19)
      highline
      net-scp (>= 1.0.0)
      net-sftp (>= 2.0.0)
      net-ssh (>= 2.0.14)
      net-ssh-gateway (>= 1.0.0)
    crack (0.1.4)
    eventmachine (0.12.10)
    hashie (0.1.3)
    highline (1.6.1)
    http_parser.rb (0.5.1)
    httparty (0.4.5)
      crack (>= 0.1.1)
    kgio (1.3.1)
    mime-types (1.16)
    mocha (0.9.10)
      rake
    net-scp (1.0.4)
      net-ssh (>= 1.99.1)
    net-sftp (2.0.5)
      net-ssh (>= 2.0.9)
    net-ssh (2.0.23)
    net-ssh-gateway (1.0.1)
      net-ssh (>= 1.99.1)
    oauth (0.4.4)
    rack (1.0.1)
    rake (0.8.7)
    simple_oauth (0.1.5)
    tinder (1.4.1)
      activesupport
      eventmachine
      httparty
      mime-types
      twitter-stream
    twitter-stream (0.1.14)
      eventmachine (>= 0.12.8)
      http_parser.rb (~> 0.5.1)
      simple_oauth (~> 0.1.4)
    unicorn (2.0.0)
      kgio (~> 1.3.1)
      rack
    xml-simple (1.0.12)

PLATFORMS
  ruby

DEPENDENCIES
  capistrano (~> 2.5)
  flipstone-deployment!
  hashie (= 0.1.3)
  httparty
  mocha
  oauth
  rack (= 1.0.1)
  rake (= 0.8.7)
  tinder
  unicorn (= 2.0.0)
  xml-simple
