GIT
  remote: git://github.com/flipstone/flipstone-deployment.git
  revision: 3e13247c58a9cab7229011d673309e230e78417d
  branch: 3e13247
  specs:
    flipstone-deployment (0.0.1)

GEM
  remote: http://rubygems.org/
  specs:
    actionmailer (2.3.8)
      actionpack (= 2.3.8)
    actionpack (2.3.8)
      activesupport (= 2.3.8)
      rack (~> 1.1.0)
    activerecord (2.3.8)
      activesupport (= 2.3.8)
    activeresource (2.3.8)
      activesupport (= 2.3.8)
    activesupport (2.3.8)
    addressable (2.2.6)
    capistrano (2.8.0)
      highline
      net-scp (>= 1.0.0)
      net-sftp (>= 2.0.0)
      net-ssh (>= 2.0.14)
      net-ssh-gateway (>= 1.1.0)
    crack (0.1.8)
    eventmachine (0.12.10)
    faraday (0.5.7)
      addressable (~> 2.2.4)
      multipart-post (~> 1.1.0)
      rack (>= 1.1.0, < 2)
    hashie (0.1.3)
    highline (1.6.2)
    http_parser.rb (0.5.1)
    httparty (0.7.8)
      crack (= 0.1.8)
    kgio (1.3.1)
    mime-types (1.16)
    mocha (0.9.12)
    multipart-post (1.1.3)
    net-scp (1.0.4)
      net-ssh (>= 1.99.1)
    net-sftp (2.0.5)
      net-ssh (>= 2.0.9)
    net-ssh (2.2.0)
    net-ssh-gateway (1.1.0)
      net-ssh (>= 1.99.1)
    oauth (0.4.5)
    rack (1.1.2)
    rails (2.3.8)
      actionmailer (= 2.3.8)
      actionpack (= 2.3.8)
      activerecord (= 2.3.8)
      activeresource (= 2.3.8)
      activesupport (= 2.3.8)
      rake (>= 0.8.3)
    rake (0.8.7)
    simple_oauth (0.1.5)
    tinder (1.4.4)
      activesupport
      eventmachine
      faraday (~> 0.5.1)
      mime-types
      multipart-post
      twitter-stream
    twitter-stream (0.1.14)
      eventmachine (>= 0.12.8)
      http_parser.rb (~> 0.5.1)
      simple_oauth (~> 0.1.4)
    unicorn (2.0.1)
      kgio (~> 1.3.1)
      rack
    xml-simple (1.1.0)

PLATFORMS
  ruby

DEPENDENCIES
  capistrano (~> 2.5)
  flipstone-deployment!
  hashie (= 0.1.3)
  httparty (= 0.7.8)
  mocha
  oauth
  rails (= 2.3.8)
  rake (= 0.8.7)
  tinder
  unicorn (~> 2.0)
  xml-simple
